GEM
  remote: https://rubygems.org/
  specs:
    mini_portile (0.6.0)
    nokogiri (1.6.3.1)
      mini_portile (= 0.6.0)
    nori (2.4.0)

PLATFORMS
  ruby

DEPENDENCIES
  nokogiri
  nori
